GEM
  remote: https://rubygems.org/
  specs:
    activesupport (6.1.3)
      concurrent-ruby (~> 1.0, >= 1.0.2)
      i18n (>= 1.6, < 2)
      minitest (>= 5.1)
      tzinfo (~> 2.0)
      zeitwerk (~> 2.3)
    celluloid (0.18.0)
      timers (~> 4)
    celluloid-io (0.17.3)
      celluloid (>= 0.17.2)
      nio4r (>= 1.1)
      timers (>= 4.1.1)
    concurrent-ruby (1.1.8)
    dotenv (2.7.6)
    faraday (1.3.0)
      faraday-net_http (~> 1.0)
      multipart-post (>= 1.2, < 3)
      ruby2_keywords
    faraday-net_http (1.0.1)
    faraday_middleware (1.0.0)
      faraday (~> 1.0)
    gli (2.20.0)
    hashie (4.1.0)
    i18n (1.8.9)
      concurrent-ruby (~> 1.0)
    json (2.5.1)
    minitest (5.14.3)
    multipart-post (2.1.1)
    nio4r (2.5.5)
    puma (5.2.1)
      nio4r (~> 2.0)
    ruby2_keywords (0.0.4)
    slack-notify (0.6.0)
      faraday (>= 0.9)
      json (>= 1.8)
    slack-ruby-bot (0.16.1)
      activesupport
      hashie
      slack-ruby-client (>= 0.14.0)
    slack-ruby-client (0.16.0)
      faraday (>= 1.0)
      faraday_middleware
      gli
      hashie
      websocket-driver
    timers (4.3.3)
    tzinfo (2.0.4)
      concurrent-ruby (~> 1.0)
    websocket-driver (0.7.3)
      websocket-extensions (>= 0.1.0)
    websocket-extensions (0.1.5)
    zeitwerk (2.4.2)

PLATFORMS
  ruby

DEPENDENCIES
  celluloid-io
  dotenv
  puma
  slack-notify
  slack-ruby-bot

BUNDLED WITH
   2.1.4
